GEM
  remote: https://rubygems.org/
  specs:
    builder (3.2.3)
    et-orbi (1.0.4)
      tzinfo
    httparty (0.15.5)
      multi_xml (>= 0.5.2)
    jwt (1.5.6)
    multi_json (1.12.1)
    multi_xml (0.6.0)
    rufus-scheduler (3.4.0)
      et-orbi (~> 1.0)
    thread_safe (0.3.6)
    twilio-ruby (4.13.0)
      builder (>= 2.1.2)
      jwt (~> 1.0)
      multi_json (>= 1.3.0)
    tzinfo (1.2.3)
      thread_safe (~> 0.1)

PLATFORMS
  ruby

DEPENDENCIES
  httparty
  rufus-scheduler
  twilio-ruby

BUNDLED WITH
   1.15.0
